GEM
  remote: https://rubygems.org/
  specs:
    da99_rack_protect (3.1.1)
      rack-protection (> 1.5)
    foreman (0.78.0)
      thor (~> 0.19.1)
    kgio (2.9.3)
    rack (1.6.4)
    rack-protection (1.5.3)
      rack
    raindrops (0.15.0)
    sinatra (1.4.6)
      rack (~> 1.4)
      rack-protection (~> 1.4)
      tilt (>= 1.3, < 3)
    thor (0.19.1)
    tilt (2.0.1)
    unicorn (4.9.0)
      kgio (~> 2.6)
      rack
      raindrops (~> 0.7)

PLATFORMS
  ruby

DEPENDENCIES
  da99_rack_protect
  foreman
  sinatra
  unicorn

BUNDLED WITH
   1.10.6
