GEM
  remote: https://rubygems.org/
  specs:
    da99_rack_protect (3.1.1)
      rack-protection (> 1.5)
    foreman (0.82.0)
      thor (~> 0.19.1)
    puma (3.6.2)
    rack (1.6.5)
    rack-protection (1.5.3)
      rack
    sinatra (1.4.7)
      rack (~> 1.5)
      rack-protection (~> 1.4)
      tilt (>= 1.3, < 3)
    thor (0.19.4)
    tilt (2.0.5)

PLATFORMS
  ruby

DEPENDENCIES
  da99_rack_protect
  foreman
  puma
  sinatra

RUBY VERSION
   ruby 2.3.3p222

BUNDLED WITH
   1.13.6
